GEM
  remote: http://rubygems.org/
  specs:
    activesupport (3.0.0)
    bson (1.0.9)
    bson_ext (1.0.9)
    daemons (1.1.0)
    durran-validatable (2.0.1)
    eventmachine (0.12.10)
    git (1.2.5)
    haml (3.0.18)
    http_router (0.3.17)
      rack (>= 1.0)
      url_mount (>= 0.2.1)
    i18n (0.4.1)
    mail (2.2.6.1)
      activesupport (>= 2.3.6)
      mime-types
      treetop (>= 1.4.5)
    mime-types (1.16)
    mongo (1.0.9)
      bson (>= 1.0.5)
    mongoid (1.9.1)
      activesupport (<= 3.0.0)
      bson (~> 1.0.1)
      durran-validatable (>= 2.0.1)
      mongo (~> 1.0.1)
      will_paginate (< 2.9)
    padrino (0.9.15)
      padrino-admin (= 0.9.15)
      padrino-core (= 0.9.15)
      padrino-gen (= 0.9.15)
      padrino-helpers (= 0.9.15)
      padrino-mailer (= 0.9.15)
    padrino-admin (0.9.15)
      padrino-core (= 0.9.15)
      padrino-gen (= 0.9.15)
      padrino-helpers (= 0.9.15)
    padrino-core (0.9.15)
      activesupport (>= 2.3.8)
      http_router (>= 0.3.13)
      sinatra (>= 1.0.0)
      thor (>= 0.13.0)
    padrino-gen (0.9.15)
      bundler (>= 1.0.0.rc.2)
      git
      padrino-core (= 0.9.15)
    padrino-helpers (0.9.15)
      i18n (>= 0.4.1)
      padrino-core (= 0.9.15)
    padrino-mailer (0.9.15)
      mail (>= 2.2.0)
      padrino-core (= 0.9.15)
    polyglot (0.3.1)
    rack (1.2.1)
    rack-flash (0.1.1)
      rack
    rack-test (0.5.4)
      rack (>= 1.0)
    rake (0.8.7)
    shoulda (2.11.3)
    sinatra (1.0)
      rack (>= 1.0)
    thin (1.2.7)
      daemons (>= 1.0.9)
      eventmachine (>= 0.12.6)
      rack (>= 1.0.0)
    thor (0.14.1)
    treetop (1.4.8)
      polyglot (>= 0.3.1)
    url_mount (0.2.1)
      rack
    will_paginate (2.3.15)

PLATFORMS
  ruby

DEPENDENCIES
  bson_ext
  haml
  mongoid
  padrino (= 0.9.15)
  rack-flash
  rack-test
  rake
  shoulda
  thin
